GIT
  remote: https://github.com/noahgibbs/tmx.git
  revision: 1f801fdd4a76e682dc863b29aefd25535e39a1ac
  specs:
    tmx (0.1.5)
      multi_json (~> 1.0)
      nokogiri (~> 1.5)

GEM
  remote: https://rubygems.org/
  specs:
    coffee-script (2.4.1)
      coffee-script-source
      execjs
    coffee-script-source (1.9.1.1)
    daemons (1.2.3)
    eventmachine (1.0.7)
    execjs (2.5.2)
    faye-websocket (0.9.2)
      eventmachine (>= 0.12.0)
      websocket-driver (>= 0.5.1)
    libv8 (3.16.14.11)
    mini_portile (0.6.2)
    multi_json (1.11.1)
    nokogiri (1.6.6.2)
      mini_portile (~> 0.6.0)
    rack (1.6.4)
    rack-coffee (1.0.3)
      coffee-script
      rack
    ref (1.0.5)
    therubyracer (0.12.2)
      libv8 (~> 3.16.14.0)
      ref
    thin (1.6.3)
      daemons (~> 1.0, >= 1.0.9)
      eventmachine (~> 1.0)
      rack (~> 1.0)
    websocket-driver (0.5.4)
      websocket-extensions (>= 0.1.0)
    websocket-extensions (0.1.2)

PLATFORMS
  ruby

DEPENDENCIES
  faye-websocket
  multi_json
  rack-coffee
  therubyracer
  thin
  tmx!

BUNDLED WITH
   1.10.5
