GEM
  remote: https://rubygems.org/
  specs:
    em-http-server (0.1.8)
      eventmachine
    em-websocket (0.5.1)
      eventmachine (>= 0.12.9)
      http_parser.rb (~> 0.6.0)
    eventmachine (1.0.7)
    http_parser.rb (0.6.0)
    mini_portile (0.6.2)
    multi_json (1.11.1)
    nokogiri (1.6.6.2)
      mini_portile (~> 0.6.0)
    tmx (0.1.5)
      multi_json (~> 1.0)
      nokogiri (~> 1.5)

PLATFORMS
  ruby

DEPENDENCIES
  em-http-server
  em-websocket
  tmx

BUNDLED WITH
   1.10.5
